PATH
  remote: .
  specs:
    site_indexer (0.1)

GEM
  remote: https://rubygems.org/
  specs:
    rake (13.0.6)

PLATFORMS
  x86_64-linux

DEPENDENCIES
  rake (~> 13.0)
  site_indexer!

BUNDLED WITH
   2.2.3
